PATH
  remote: .
  specs:
    mapotempo_rubocop (0.2.0)
      rubocop
      rubocop-minitest
      rubocop-performance

GEM
  remote: https://rubygems.org/
  specs:
    ast (2.4.1)
    parallel (1.20.1)
    parser (2.7.2.0)
      ast (~> 2.4.1)
    rainbow (3.0.0)
    rake (10.5.0)
    regexp_parser (1.8.2)
    rexml (3.2.4)
    rubocop (1.4.0)
      parallel (~> 1.10)
      parser (>= 2.7.1.5)
      rainbow (>= 2.2.2, < 4.0)
      regexp_parser (>= 1.8)
      rexml
      rubocop-ast (>= 1.1.1)
      ruby-progressbar (~> 1.7)
      unicode-display_width (>= 1.4.0, < 2.0)
    rubocop-ast (1.1.1)
      parser (>= 2.7.1.5)
    rubocop-minitest (0.10.1)
      rubocop (>= 0.87)
    rubocop-performance (1.9.0)
      rubocop (>= 0.90.0, < 2.0)
      rubocop-ast (>= 0.4.0)
    ruby-progressbar (1.10.1)
    unicode-display_width (1.7.0)

PLATFORMS
  ruby

DEPENDENCIES
  bundler (~> 1.17.3)
  mapotempo_rubocop!
  rake (~> 10.0)

BUNDLED WITH
   1.17.3
